PATH
  remote: .
  specs:
    swearjar (0.0.3)
      fuzzyhash (~> 0.0.11)

GEM
  remote: http://rubygems.org/
  specs:
    fuzzyhash (0.0.11)
    rake (0.8.7)
    rspec (1.3.2)

PLATFORMS
  ruby

DEPENDENCIES
  bundler (~> 1.0.0)
  rake (~> 0.8.7)
  rspec (~> 1.3.0)
  swearjar!
